GEM
  remote: https://rubygems.org/
  specs:
    activemodel (3.2.13)
      activesupport (= 3.2.13)
      builder (~> 3.0.0)
    activesupport (3.2.13)
      i18n (= 0.6.1)
      multi_json (~> 1.0)
    bourne (1.4.0)
      mocha (~> 0.13.2)
    builder (3.0.4)
    couch_potato (0.6.0)
      activemodel
      couchrest (>= 1.0.1)
      json (~> 1.6.0)
    couchrest (1.0.1)
      json (>= 1.4.6)
      mime-types (>= 1.15)
      rest-client (>= 1.5.1)
    i18n (0.6.1)
    json (1.6.8)
    metaclass (0.0.1)
    mime-types (1.22)
    mocha (0.13.3)
      metaclass (~> 0.0.1)
    multi_json (1.7.2)
    rest-client (1.6.1)
      mime-types (>= 1.16)
    right_aws (3.0.5)
      right_http_connection (>= 1.2.5)
    right_http_connection (1.3.0)
    shoulda (3.4.0)
      shoulda-context (~> 1.0, >= 1.0.1)
      shoulda-matchers (~> 1.0, >= 1.4.1)
    shoulda-addons (0.2.3)
    shoulda-context (1.1.1)
    shoulda-matchers (1.5.6)
      activesupport (>= 3.0.0)
      bourne (~> 1.3)
    uuidtools (2.1.3)
    will_paginate (3.0.2)

PLATFORMS
  ruby

DEPENDENCIES
  activemodel (> 3.1.0)
  activesupport (> 3.1.0)
  couch_potato (= 0.6.0)
  couchrest (= 1.0.1)
  mocha
  rest-client (= 1.6.1)
  right_aws
  shoulda
  shoulda-addons
  uuidtools
  will_paginate
